PATH
  remote: .
  specs:
    jimson (0.9.1)
      blankslate (~> 3.1.2)
      multi_json (~> 1.7.6)
      rack (~> 1.4.5)
      rest-client (~> 1.6.7)

GEM
  remote: http://rubygems.org/
  specs:
    blankslate (3.1.2)
    diff-lcs (1.2.4)
    json (1.8.0)
    json (1.8.0-java)
    mime-types (1.23)
    multi_json (1.7.6)
    rack (1.4.5)
    rack-test (0.6.2)
      rack (>= 1.0)
    rake (10.0.4)
    rcov (1.0.0)
    rdoc (4.0.1)
      json (~> 1.4)
    rest-client (1.6.7)
      mime-types (>= 1.16)
    rspec (2.13.0)
      rspec-core (~> 2.13.0)
      rspec-expectations (~> 2.13.0)
      rspec-mocks (~> 2.13.0)
    rspec-core (2.13.1)
    rspec-expectations (2.13.0)
      diff-lcs (>= 1.1.3, < 2.0)
    rspec-mocks (2.13.1)

PLATFORMS
  java
  ruby

DEPENDENCIES
  jimson!
  rack-test
  rake
  rcov
  rdoc (>= 2.4.2)
  rspec
