PATH
  remote: .
  specs:
    jimson (0.9.1)
      blankslate (>= 2.1.2.3)
      multi_json (~> 1.1.0)
      rack (>= 1.3)
      rest-client (>= 1.6.3)

GEM
  remote: http://rubygems.org/
  specs:
    blankslate (3.1.2)
    diff-lcs (1.1.3)
    json (1.7.3)
    mime-types (1.19)
    multi_json (1.1.0)
    rack (1.4.1)
    rack-test (0.6.1)
      rack (>= 1.0)
    rake (0.9.2.2)
    rcov (1.0.0)
    rdoc (3.12)
      json (~> 1.4)
    rest-client (1.6.7)
      mime-types (>= 1.16)
    rspec (2.8.0)
      rspec-core (~> 2.8.0)
      rspec-expectations (~> 2.8.0)
      rspec-mocks (~> 2.8.0)
    rspec-core (2.8.0)
    rspec-expectations (2.8.0)
      diff-lcs (~> 1.1.2)
    rspec-mocks (2.8.0)

PLATFORMS
  java
  ruby

DEPENDENCIES
  jimson!
  rack-test
  rake
  rcov
  rdoc (>= 2.4.2)
  rspec
